PATH
  remote: .
  specs:
    asimov-anthropic-module (0.1.0)
      asimov-construct (>= 25.0.0.dev)
      asimov-module (>= 25.0.0.dev)
      mini_mime (~> 1.1)
      omniai (~> 1.9)
      omniai-anthropic (~> 1.9)

GEM
  remote: https://rubygems.org/
  specs:
    addressable (2.8.7)
      public_suffix (>= 2.0.2, < 7.0)
    asimov-config (25.0.0.dev.4)
      pathname (>= 0.4)
    asimov-construct (25.0.0.dev.4)
      asimov-config (= 25.0.0.dev.4)
      kdl (~> 2.0)
    asimov-module (25.0.0.dev.4)
      asimov-config (= 25.0.0.dev.4)
    base64 (0.2.0)
    bigdecimal (3.1.9)
    domain_name (0.6.20240107)
    event_stream_parser (1.0.0)
    ffi (1.17.1)
    ffi (1.17.1-arm64-darwin)
    ffi-compiler (1.3.2)
      ffi (>= 1.15.5)
      rake
    http (5.2.0)
      addressable (~> 2.8)
      base64 (~> 0.1)
      http-cookie (~> 1.0)
      http-form_data (~> 2.2)
      llhttp-ffi (~> 0.5.0)
    http-cookie (1.0.8)
      domain_name (~> 0.5)
    http-form_data (2.3.0)
    kdl (2.0.2)
      base64 (~> 0.2.0)
      bigdecimal (~> 3.1.6)
      racc (~> 1.5)
      simpleidn (~> 0.2.1)
    llhttp-ffi (0.5.0)
      ffi-compiler (~> 1.0)
      rake (~> 13.0)
    logger (1.6.6)
    mini_mime (1.1.5)
    omniai (1.9.5)
      event_stream_parser
      http
      logger
      zeitwerk
    omniai-anthropic (1.9.6)
      event_stream_parser
      omniai
      zeitwerk
    pathname (0.4.0)
    public_suffix (6.0.1)
    racc (1.8.1)
    rake (13.3.0)
    simpleidn (0.2.3)
    zeitwerk (2.7.1)

PLATFORMS
  arm64-darwin-24
  ruby

DEPENDENCIES
  asimov-anthropic-module!
  rake (>= 13)

BUNDLED WITH
   2.6.2
